GIT
  remote: https://github.com/niall47/textstat.git
  revision: 40ce3856418509eb97346ba297ce1cf7f3e3fbf1
  branch: master
  specs:
    textstat (0.1.9)
      text-hyphen (~> 1.4, >= 1.4.1)

GEM
  remote: https://nexus.tooling.dvla.gov.uk/repository/gem-private/
  specs:
    dvla-browser-drivers (1.1.0)
      apparition (>= 0.6)
      capybara (>= 3.37)
      cuprite (>= 0.14)
      dvla-herodotus (>= 1.0)
      selenium-webdriver (>= 4.0)

GEM
  remote: https://rubygems.org/
  specs:
    activesupport (7.1.1)
      base64
      bigdecimal
      concurrent-ruby (~> 1.0, >= 1.0.2)
      connection_pool (>= 2.2.5)
      drb
      i18n (>= 1.6, < 2)
      minitest (>= 5.1)
      mutex_m
      tzinfo (~> 2.0)
    addressable (2.8.5)
      public_suffix (>= 2.0.2, < 6.0)
    amatch (0.4.1)
      mize
      tins (~> 1.0)
    apparition (0.6.0)
      capybara (~> 3.13, < 4)
      websocket-driver (>= 0.6.5)
    axe-core-api (4.8.0)
      dumb_delegator
      virtus
    axe-core-cucumber (4.8.0)
      axe-core-api
      dumb_delegator
      virtus
    axiom-types (0.1.1)
      descendants_tracker (~> 0.0.4)
      ice_nine (~> 0.11.0)
      thread_safe (~> 0.3, >= 0.3.1)
    base64 (0.1.1)
    bigdecimal (3.1.4)
    builder (3.2.4)
    bundler-audit (0.9.1)
      bundler (>= 1.2.0, < 3)
      thor (~> 1.0)
    capybara (3.39.2)
      addressable
      matrix
      mini_mime (>= 0.1.3)
      nokogiri (~> 1.8)
      rack (>= 1.6.0)
      rack-test (>= 0.6.3)
      regexp_parser (>= 1.5, < 3.0)
      xpath (~> 3.2)
    chutney (3.6.0)
      amatch (~> 0.4.0)
      cuke_modeler (~> 3.3)
      i18n (>= 1.8.2, < 1.15.0)
      pastel (~> 0.7)
      tty-pie (~> 0.3)
    code-assertions (1.1.3)
      sourcify (~> 0.5.0, >= 0.5.0)
    coderay (1.1.3)
    coercible (1.0.0)
      descendants_tracker (~> 0.0.1)
    concurrent-ruby (1.2.2)
    config (4.2.1)
      deep_merge (~> 1.2, >= 1.2.1)
      dry-validation (~> 1.0, >= 1.0.0)
    connection_pool (2.4.1)
    cucumber (8.0.0)
      builder (~> 3.2, >= 3.2.4)
      cucumber-ci-environment (~> 9.0, >= 9.0.4)
      cucumber-core (~> 11.0, >= 11.0.0)
      cucumber-cucumber-expressions (~> 15.1, >= 15.1.1)
      cucumber-gherkin (~> 23.0, >= 23.0.1)
      cucumber-html-formatter (~> 19.1, >= 19.1.0)
      cucumber-messages (~> 18.0, >= 18.0.0)
      diff-lcs (~> 1.5, >= 1.5.0)
      mime-types (~> 3.4, >= 3.4.1)
      multi_test (~> 1.1, >= 1.1.0)
      sys-uname (~> 1.2, >= 1.2.2)
    cucumber-ci-environment (9.2.0)
    cucumber-core (11.0.0)
      cucumber-gherkin (~> 23.0, >= 23.0.1)
      cucumber-messages (~> 18.0, >= 18.0.0)
      cucumber-tag-expressions (~> 4.1, >= 4.1.0)
    cucumber-cucumber-expressions (15.2.0)
    cucumber-gherkin (23.0.1)
      cucumber-messages (~> 18.0, >= 18.0.0)
    cucumber-html-formatter (19.2.0)
      cucumber-messages (~> 18.0, >= 18.0.0)
    cucumber-messages (18.0.0)
    cucumber-tag-expressions (4.1.0)
    cuke_modeler (3.20.1)
      cucumber-gherkin (< 28.0)
    cuprite (0.14.3)
      capybara (~> 3.0)
      ferrum (~> 0.13.0)
    deep_merge (1.2.2)
    descendants_tracker (0.0.4)
      thread_safe (~> 0.3, >= 0.3.1)
    diff-lcs (1.5.0)
    drb (2.1.1)
      ruby2_keywords
    dry-configurable (1.1.0)
      dry-core (~> 1.0, < 2)
      zeitwerk (~> 2.6)
    dry-core (1.0.1)
      concurrent-ruby (~> 1.0)
      zeitwerk (~> 2.6)
    dry-inflector (1.0.0)
    dry-initializer (3.1.1)
    dry-logic (1.5.0)
      concurrent-ruby (~> 1.0)
      dry-core (~> 1.0, < 2)
      zeitwerk (~> 2.6)
    dry-schema (1.13.3)
      concurrent-ruby (~> 1.0)
      dry-configurable (~> 1.0, >= 1.0.1)
      dry-core (~> 1.0, < 2)
      dry-initializer (~> 3.0)
      dry-logic (>= 1.4, < 2)
      dry-types (>= 1.7, < 2)
      zeitwerk (~> 2.6)
    dry-types (1.7.1)
      concurrent-ruby (~> 1.0)
      dry-core (~> 1.0)
      dry-inflector (~> 1.0)
      dry-logic (~> 1.4)
      zeitwerk (~> 2.6)
    dry-validation (1.10.0)
      concurrent-ruby (~> 1.0)
      dry-core (~> 1.0, < 2)
      dry-initializer (~> 3.0)
      dry-schema (>= 1.12, < 2)
      zeitwerk (~> 2.6)
    dumb_delegator (1.0.0)
    dvla-herodotus (1.0.0)
    faker (2.23.0)
      i18n (>= 1.8.11, < 2)
    faker_maker (1.3.0)
      activesupport (>= 5.2, < 8)
    faraday (2.7.11)
      base64
      faraday-net_http (>= 2.0, < 3.1)
      ruby2_keywords (>= 0.0.4)
    faraday-multipart (1.0.4)
      multipart-post (~> 2)
    faraday-net_http (3.0.2)
    faraday-net_http_persistent (2.1.0)
      faraday (~> 2.5)
      net-http-persistent (~> 4.0)
    ferrum (0.13)
      addressable (~> 2.5)
      concurrent-ruby (~> 1.1)
      webrick (~> 1.7)
      websocket-driver (>= 0.6, < 0.8)
    ffi (1.16.3)
    file-tail (1.2.0)
      tins (~> 1.0)
    hash_miner (1.1.1)
    httparty (0.21.0)
      mini_mime (>= 1.0.0)
      multi_xml (>= 0.5.2)
    i18n (1.14.1)
      concurrent-ruby (~> 1.0)
    ice_nine (0.11.2)
    json (2.6.3)
    matrix (0.4.2)
    method_source (1.0.0)
    mime-types (3.5.1)
      mime-types-data (~> 3.2015)
    mime-types-data (3.2023.1003)
    mini_mime (1.1.5)
    minitest (5.20.0)
    mize (0.4.1)
      protocol (~> 2.0)
    multi_test (1.1.0)
    multi_xml (0.6.0)
    multipart-post (2.3.0)
    mutex_m (0.1.2)
    net-http-persistent (4.0.2)
      connection_pool (~> 2.2)
    nokogiri (1.15.4-arm64-darwin)
      racc (~> 1.4)
    page_complexity (0.0.1)
      ruby-latex (~> 0.1)
      textstat (~> 0.1.7)
    parallel (1.23.0)
    parallel_report_portal (2.5.1)
      cucumber (>= 3.2)
      faraday-multipart (~> 1.0, >= 1.0.4)
      faraday-net_http_persistent (~> 2.1)
      net-http-persistent (~> 4.0)
      parallel_tests (>= 2.29.1)
      rubytree (~> 1.0)
    parallel_tests (4.3.0)
      parallel
    pastel (0.8.0)
      tty-color (~> 0.5)
    protocol (2.0.0)
      ruby_parser (~> 3.0)
    pry (0.14.2)
      coderay (~> 1.1)
      method_source (~> 1.0)
    public_suffix (5.0.3)
    racc (1.7.1)
    rack (3.0.8)
    rack-test (2.1.0)
      rack (>= 1.3)
    rake (13.1.0)
    regexp_parser (2.8.2)
    rexml (3.2.6)
    rspec-expectations (3.12.3)
      diff-lcs (>= 1.2.0, < 2.0)
      rspec-support (~> 3.12.0)
    rspec-support (3.12.1)
    ruby-latex (0.1)
      code-assertions (~> 1.1.2, >= 1.1.2)
    ruby2_keywords (0.0.5)
    ruby2ruby (2.5.0)
      ruby_parser (~> 3.1)
      sexp_processor (~> 4.6)
    ruby_parser (3.20.3)
      sexp_processor (~> 4.16)
    rubytree (1.0.2)
      json (~> 2.6.1)
      structured_warnings (~> 0.4.0)
    rubyzip (2.3.2)
    selenium-webdriver (4.10.0)
      rexml (~> 3.2, >= 3.2.5)
      rubyzip (>= 1.2.2, < 3.0)
      websocket (~> 1.0)
    sexp_processor (4.17.0)
    simple_symbolize (2.0.2)
    sourcify (0.5.0)
      file-tail (>= 1.0.5)
      ruby2ruby (>= 1.2.5)
      ruby_parser (>= 2.0.5)
      sexp_processor (>= 3.0.5)
    structured_warnings (0.4.0)
    sync (0.5.0)
    sys-uname (1.2.3)
      ffi (~> 1.1)
    text-hyphen (1.5.0)
    thor (1.3.0)
    thread_safe (0.3.6)
    tins (1.32.1)
      sync
    tty-color (0.6.0)
    tty-cursor (0.7.1)
    tty-pie (0.4.0)
      pastel (~> 0.8)
      tty-cursor (~> 0.7)
    tzinfo (2.0.6)
      concurrent-ruby (~> 1.0)
    uri (0.12.2)
    virtus (2.0.0)
      axiom-types (~> 0.1)
      coercible (~> 1.0)
      descendants_tracker (~> 0.0, >= 0.0.3)
    webdrivers (5.3.1)
      nokogiri (~> 1.6)
      rubyzip (>= 1.3.0)
      selenium-webdriver (~> 4.0, < 4.11)
    webrick (1.8.1)
    websocket (1.2.10)
    websocket-driver (0.7.6)
      websocket-extensions (>= 0.1.0)
    websocket-extensions (0.1.5)
    xpath (3.2.0)
      nokogiri (~> 1.8)
    zeitwerk (2.6.12)

PLATFORMS
  arm64-darwin-22

DEPENDENCIES
  axe-core-cucumber (~> 4.4)
  bundler-audit (~> 0.9)
  chutney (~> 3.3)
  config (~> 4.0)
  cucumber (~> 8.0)
  dvla-browser-drivers (= 1.1.0)!
  dvla-herodotus (~> 1.0.0)
  faker (~> 2.23)
  faker_maker (~> 1.2)
  hash_miner (~> 1.1)
  httparty (~> 0.21)
  page_complexity (~> 0.0.1)
  parallel_report_portal (~> 2.4)
  pry (~> 0.14)
  rake (~> 13.0)
  rspec-expectations (~> 3.11)
  selenium-webdriver (~> 4.4)
  simple_symbolize (~> 2.0)
  textstat (= 0.1.9)!
  uri (~> 0.12.2)
  webdrivers (~> 5.1)

BUNDLED WITH
   2.4.15
